{
	"Modality": "MR",
	"MagneticFieldStrength": 3,
	"ImagingFrequency": 123.259,
	"Manufacturer": "Siemens",
	"ManufacturersModelName": "Prisma",
	"InstitutionName": "Dartmouth_College_-_PBS",
	"InstitutionalDepartmentName": "Department",
	"InstitutionAddress": "Maynard_3_Hanover_NH_US_03755",
	"DeviceSerialNumber": "66112",
	"StationName": "AWP66112",
	"BodyPartExamined": "BRAIN",
	"PatientPosition": "HFS",
	"ProcedureStepDescription": "Duchaine_Duchaine_1087_RO1pilot",
	"SoftwareVersions": "syngo_MR_E11",
	"MRAcquisitionType": "2D",
	"SeriesDescription": "fmap_fMRI-distortionmap_AP",
	"ProtocolName": "fmap_fMRI-distortionmap_AP",
	"ScanningSequence": "EP",
	"SequenceVariant": "SK_SS",
	"ScanOptions": "PFP_FS",
	"SequenceName": "epfid2d1_106",
	"ImageType": ["ORIGINAL", "PRIMARY", "M", "MB", "ND", "NORM", "MOSAIC"],
	"SeriesNumber": 7,
	"AcquisitionTime": "13:28:11.567500",
	"AcquisitionNumber": 1,
	"ImageComments": "Unaliased_MB3_PE3",
	"SliceThickness": 2,
	"SpacingBetweenSlices": 2,
	"SAR": 0.0499753,
	"EchoTime": 0.03,
	"RepetitionTime": 2,
	"FlipAngle": 79,
	"PartialFourier": 0.75,
	"BaseResolution": 106,
	"ShimSetting": [
		4216,
		-7751,
		-7246,
		141,
		-161,
		7,
		-58,
		92	],
	"TxRefAmp": 252.55,
	"PhaseResolution": 1,
	"ReceiveCoilName": "Head_32",
	"ReceiveCoilActiveElements": "HEA;HEP",
	"PulseSequenceDetails": "%CustomerSeq%_cmrr_mbep2d_bold",
	"WipMemBlock": "fee40a20-b26a-4cf4-8d23-0c31c456584f||Sequence: R016 ve11e/master r/434b28f1; Aug  7 2019 18:53:46 by eja",
	"ConsistencyInfo": "N4_VE11E_LATEST_20181129",
	"MultibandAccelerationFactor": 3,
	"PercentPhaseFOV": 100,
	"EchoTrainLength": 80,
	"PhaseEncodingSteps": 80,
	"AcquisitionMatrixPE": 106,
	"ReconMatrixPE": 106,
	"BandwidthPerPixelPhaseEncode": 14.294,
	"EffectiveEchoSpacing": 0.000659995,
	"DerivedVendorReportedEchoSpacing": 0.000659995,
	"TotalReadoutTime": 0.0692994,
	"PixelBandwidth": 1815,
	"DwellTime": 2.6e-06,
	"PhaseEncodingDirection": "j-",
	"SliceTiming": [
		0,
		1.0325,
		0.085,
		1.1175,
		0.17,
		1.205,
		0.2575,
		1.29,
		0.3425,
		1.375,
		0.43,
		1.4625,
		0.515,
		1.5475,
		0.6025,
		1.635,
		0.6875,
		1.72,
		0.7725,
		1.8075,
		0.86,
		1.8925,
		0.945,
		0,
		1.0325,
		0.085,
		1.1175,
		0.17,
		1.205,
		0.2575,
		1.29,
		0.3425,
		1.375,
		0.43,
		1.4625,
		0.515,
		1.5475,
		0.6025,
		1.635,
		0.6875,
		1.72,
		0.7725,
		1.8075,
		0.86,
		1.8925,
		0.945,
		0,
		1.0325,
		0.085,
		1.1175,
		0.17,
		1.205,
		0.2575,
		1.29,
		0.3425,
		1.375,
		0.43,
		1.4625,
		0.515,
		1.5475,
		0.6025,
		1.635,
		0.6875,
		1.72,
		0.7725,
		1.8075,
		0.86,
		1.8925,
		0.945	],
	"ImageOrientationPatientDICOM": [
		0.998042,
		0.0581964,
		-0.0229419,
		-0.0612177,
		0.98408,
		-0.166853	],
	"InPlanePhaseEncodingDirectionDICOM": "COL",
	"ConversionSoftware": "dcm2niix",
	"ConversionSoftwareVersion": "v1.0.20181125  (JP2:OpenJPEG) GCC9.3.0"
}
