{
	"Modality": "MR",
	"MagneticFieldStrength": 3,
	"ImagingFrequency": 123.261,
	"Manufacturer": "Siemens",
	"ManufacturersModelName": "Prisma",
	"InstitutionName": "Dartmouth_College_-_PBS",
	"InstitutionalDepartmentName": "Department",
	"InstitutionAddress": "Maynard_3_Hanover_NH_US_03755",
	"DeviceSerialNumber": "66112",
	"StationName": "AWP66112",
	"BodyPartExamined": "BRAIN",
	"PatientPosition": "HFS",
	"ProcedureStepDescription": "Duchaine_Duchaine_1087_RO1pilot",
	"SoftwareVersions": "syngo_MR_E11",
	"MRAcquisitionType": "2D",
	"SeriesDescription": "fmap-PA",
	"ProtocolName": "fmap-PA",
	"ScanningSequence": "EP",
	"SequenceVariant": "SK_SS",
	"ScanOptions": "FS",
	"SequenceName": "epfid2d1_102",
	"ImageType": ["ORIGINAL", "PRIMARY", "M", "MB", "ND", "MOSAIC"],
	"SeriesNumber": 16,
	"AcquisitionTime": "10:56:3.355000",
	"AcquisitionNumber": 1,
	"ImageComments": "Unaliased_MB4_PE3_LB_SENSE1",
	"SliceThickness": 2,
	"SpacingBetweenSlices": 2,
	"SAR": 0.0629302,
	"EchoTime": 0.0336,
	"RepetitionTime": 1.35,
	"FlipAngle": 68,
	"PartialFourier": 1,
	"BaseResolution": 106,
	"ShimSetting": [
		4269,
		-7731,
		-7204,
		207,
		-135,
		113,
		-139,
		48	],
	"TxRefAmp": 214.395,
	"PhaseResolution": 1,
	"ReceiveCoilName": "Head_32",
	"ReceiveCoilActiveElements": "HEA;HEP",
	"PulseSequenceDetails": "%CustomerSeq%_cmrr_mbep2d_bold",
	"WipMemBlock": "01c671bb-7f1a-444f-a8b8-d5abe1d25ddb||Sequence: R016 ve11e/master r/434b28f1; Aug  7 2019 18:53:46 by eja",
	"ConsistencyInfo": "N4_VE11E_LATEST_20181129",
	"MultibandAccelerationFactor": 4,
	"PercentPhaseFOV": 96.2264,
	"EchoTrainLength": 102,
	"PhaseEncodingSteps": 102,
	"AcquisitionMatrixPE": 102,
	"ReconMatrixPE": 102,
	"BandwidthPerPixelPhaseEncode": 18.155,
	"EffectiveEchoSpacing": 0.000540012,
	"DerivedVendorReportedEchoSpacing": 0.000540012,
	"TotalReadoutTime": 0.0545412,
	"PixelBandwidth": 2360,
	"DwellTime": 2e-06,
	"PhaseEncodingDirection": "j",
	"SliceTiming": [
		0,
		0.705,
		0.0775,
		0.7825,
		0.1575,
		0.86,
		0.235,
		0.9375,
		0.3125,
		1.0175,
		0.39,
		1.095,
		0.47,
		1.1725,
		0.5475,
		1.2525,
		0.625,
		0,
		0.705,
		0.0775,
		0.7825,
		0.1575,
		0.86,
		0.235,
		0.9375,
		0.3125,
		1.0175,
		0.39,
		1.095,
		0.47,
		1.1725,
		0.5475,
		1.2525,
		0.625,
		0,
		0.705,
		0.0775,
		0.7825,
		0.1575,
		0.86,
		0.235,
		0.9375,
		0.3125,
		1.0175,
		0.39,
		1.095,
		0.47,
		1.1725,
		0.5475,
		1.2525,
		0.625,
		0,
		0.705,
		0.0775,
		0.7825,
		0.1575,
		0.86,
		0.235,
		0.9375,
		0.3125,
		1.0175,
		0.39,
		1.095,
		0.47,
		1.1725,
		0.5475,
		1.2525,
		0.625	],
	"ImageOrientationPatientDICOM": [
		0.998032,
		-0.0624549,
		0.00556735,
		0.0620914,
		0.972035,
		-0.22648	],
	"InPlanePhaseEncodingDirectionDICOM": "COL",
	"ConversionSoftware": "dcm2niix",
	"ConversionSoftwareVersion": "v1.0.20181125  (JP2:OpenJPEG) GCC9.3.0"
}
