{
	"Modality": "MR",
	"MagneticFieldStrength": 3,
	"ImagingFrequency": 123.261,
	"Manufacturer": "Siemens",
	"ManufacturersModelName": "Prisma",
	"InstitutionName": "Dartmouth_College_-_PBS",
	"InstitutionalDepartmentName": "Department",
	"InstitutionAddress": "Maynard_3_Hanover_NH_US_03755",
	"DeviceSerialNumber": "66112",
	"StationName": "AWP66112",
	"BodyPartExamined": "BRAIN",
	"PatientPosition": "HFS",
	"ProcedureStepDescription": "Duchaine_Duchaine_1087_RO1pilot",
	"SoftwareVersions": "syngo_MR_E11",
	"MRAcquisitionType": "2D",
	"SeriesDescription": "func_run-01_task-multi",
	"ProtocolName": "func_run-01_task-multi",
	"ScanningSequence": "EP",
	"SequenceVariant": "SK_SS",
	"ScanOptions": "PFP_FS",
	"SequenceName": "epfid2d1_106",
	"ImageType": ["ORIGINAL", "PRIMARY", "M", "MB", "ND", "NORM", "MOSAIC"],
	"SeriesNumber": 10,
	"AcquisitionTime": "11:48:25.105000",
	"AcquisitionNumber": 1,
	"ImageComments": "Unaliased_MB3_PE3_LB",
	"SliceThickness": 2,
	"SpacingBetweenSlices": 2,
	"SAR": 0.0464302,
	"EchoTime": 0.03,
	"RepetitionTime": 2,
	"FlipAngle": 79,
	"PartialFourier": 0.75,
	"BaseResolution": 106,
	"ShimSetting": [
		4282,
		-7726,
		-7203,
		313,
		-94,
		159,
		-47,
		87	],
	"TxRefAmp": 214.857,
	"PhaseResolution": 1,
	"ReceiveCoilName": "Head_32",
	"ReceiveCoilActiveElements": "HEA;HEP",
	"PulseSequenceDetails": "%CustomerSeq%_cmrr_mbep2d_bold",
	"WipMemBlock": "74f51f50-1f19-4a04-83b2-48ee5082ab17||Sequence: R016 ve11e/master r/434b28f1; Aug  7 2019 18:53:46 by eja",
	"ConsistencyInfo": "N4_VE11E_LATEST_20181129",
	"MultibandAccelerationFactor": 3,
	"PercentPhaseFOV": 100,
	"EchoTrainLength": 80,
	"PhaseEncodingSteps": 80,
	"AcquisitionMatrixPE": 106,
	"ReconMatrixPE": 106,
	"BandwidthPerPixelPhaseEncode": 14.294,
	"EffectiveEchoSpacing": 0.000659995,
	"DerivedVendorReportedEchoSpacing": 0.000659995,
	"TotalReadoutTime": 0.0692994,
	"PixelBandwidth": 1815,
	"DwellTime": 2.6e-06,
	"PhaseEncodingDirection": "j-",
	"SliceTiming": [
		0,
		1.0325,
		0.085,
		1.12,
		0.1725,
		1.205,
		0.2575,
		1.2925,
		0.345,
		1.3775,
		0.43,
		1.4625,
		0.5175,
		1.55,
		0.6025,
		1.635,
		0.69,
		1.7225,
		0.775,
		1.8075,
		0.86,
		1.895,
		0.9475,
		0,
		1.0325,
		0.085,
		1.12,
		0.1725,
		1.205,
		0.2575,
		1.2925,
		0.345,
		1.3775,
		0.43,
		1.4625,
		0.5175,
		1.55,
		0.6025,
		1.635,
		0.69,
		1.7225,
		0.775,
		1.8075,
		0.86,
		1.895,
		0.9475,
		0,
		1.0325,
		0.085,
		1.12,
		0.1725,
		1.205,
		0.2575,
		1.2925,
		0.345,
		1.3775,
		0.43,
		1.4625,
		0.5175,
		1.55,
		0.6025,
		1.635,
		0.69,
		1.7225,
		0.775,
		1.8075,
		0.86,
		1.895,
		0.9475	],
	"ImageOrientationPatientDICOM": [
		0.999372,
		0.0072064,
		0.0346916,
		-0.00488385,
		0.99777,
		-0.0665738	],
	"InPlanePhaseEncodingDirectionDICOM": "COL",
	"ConversionSoftware": "dcm2niix",
	"ConversionSoftwareVersion": "v1.0.20181125  (JP2:OpenJPEG) GCC9.3.0"
}
