{
	"Modality": "MR",
	"MagneticFieldStrength": 3,
	"ImagingFrequency": 123.259,
	"Manufacturer": "Siemens",
	"ManufacturersModelName": "Prisma",
	"InstitutionName": "Dartmouth_College_-_PBS",
	"InstitutionalDepartmentName": "Department",
	"InstitutionAddress": "Maynard_3_Hanover_NH_US_03755",
	"DeviceSerialNumber": "66112",
	"StationName": "AWP66112",
	"BodyPartExamined": "BRAIN",
	"PatientPosition": "HFS",
	"ProcedureStepDescription": "Duchaine_Duchaine_1087_RO1pilot",
	"SoftwareVersions": "syngo_MR_E11",
	"MRAcquisitionType": "2D",
	"SeriesDescription": "func_run-02_task-retino",
	"ProtocolName": "func_run-02_task-retino",
	"ScanningSequence": "EP",
	"SequenceVariant": "SK_SS",
	"ScanOptions": "FS",
	"SequenceName": "epfid2d1_102",
	"ImageType": ["ORIGINAL", "PRIMARY", "M", "MB", "ND", "MOSAIC"],
	"SeriesNumber": 12,
	"AcquisitionTime": "13:44:45.697500",
	"AcquisitionNumber": 1,
	"ImageComments": "Unaliased_MB4_PE3_LB_SENSE1",
	"SliceThickness": 2,
	"SpacingBetweenSlices": 2,
	"SAR": 0.0963609,
	"EchoTime": 0.0336,
	"RepetitionTime": 1.35,
	"FlipAngle": 68,
	"PartialFourier": 1,
	"BaseResolution": 106,
	"ShimSetting": [
		4234,
		-7761,
		-7228,
		129,
		-95,
		-90,
		-57,
		71	],
	"TxRefAmp": 282.376,
	"PhaseResolution": 1,
	"ReceiveCoilName": "Head_32",
	"ReceiveCoilActiveElements": "HEA;HEP",
	"PulseSequenceDetails": "%CustomerSeq%_cmrr_mbep2d_bold",
	"WipMemBlock": "1e951682-17c5-4457-ad5e-34016088e49a||Sequence: R016 ve11e/master r/434b28f1; Aug  7 2019 18:53:46 by eja",
	"ConsistencyInfo": "N4_VE11E_LATEST_20181129",
	"MultibandAccelerationFactor": 4,
	"PercentPhaseFOV": 96.2264,
	"EchoTrainLength": 102,
	"PhaseEncodingSteps": 102,
	"AcquisitionMatrixPE": 102,
	"ReconMatrixPE": 102,
	"BandwidthPerPixelPhaseEncode": 18.155,
	"EffectiveEchoSpacing": 0.000540012,
	"DerivedVendorReportedEchoSpacing": 0.000540012,
	"TotalReadoutTime": 0.0545412,
	"PixelBandwidth": 2360,
	"DwellTime": 2e-06,
	"PhaseEncodingDirection": "j-",
	"SliceTiming": [
		0,
		0.705,
		0.08,
		0.7825,
		0.1575,
		0.8625,
		0.235,
		0.94,
		0.315,
		1.0175,
		0.3925,
		1.095,
		0.47,
		1.175,
		0.5475,
		1.2525,
		0.6275,
		0,
		0.705,
		0.08,
		0.7825,
		0.1575,
		0.8625,
		0.235,
		0.94,
		0.315,
		1.0175,
		0.3925,
		1.095,
		0.47,
		1.175,
		0.5475,
		1.2525,
		0.6275,
		0,
		0.705,
		0.08,
		0.7825,
		0.1575,
		0.8625,
		0.235,
		0.94,
		0.315,
		1.0175,
		0.3925,
		1.095,
		0.47,
		1.175,
		0.5475,
		1.2525,
		0.6275,
		0,
		0.705,
		0.08,
		0.7825,
		0.1575,
		0.8625,
		0.235,
		0.94,
		0.315,
		1.0175,
		0.3925,
		1.095,
		0.47,
		1.175,
		0.5475,
		1.2525,
		0.6275	],
	"ImageOrientationPatientDICOM": [
		0.999996,
		-0.00232666,
		-0.00186599,
		0.0013963,
		0.918065,
		-0.396427	],
	"InPlanePhaseEncodingDirectionDICOM": "COL",
	"ConversionSoftware": "dcm2niix",
	"ConversionSoftwareVersion": "v1.0.20181125  (JP2:OpenJPEG) GCC9.3.0"
}
